GEM
  remote: http://rubygems.org/
  specs:
    hashr (0.0.22)
    travis-lint (1.6.0)
      hashr (~> 0.0.22)

PLATFORMS
  ruby

DEPENDENCIES
  travis-lint
